GEM
  remote: https://rubygems.org/
  specs:
    nokogiri (1.13.10-arm64-darwin)
      racc (~> 1.4)
    nokogiri (1.13.10-x86_64-darwin)
      racc (~> 1.4)
    nokogiri (1.13.10-x86_64-linux)
      racc (~> 1.4)
    racc (1.6.2)

PLATFORMS
  universal-darwin-18
  universal-darwin-20
  x86_64-linux

DEPENDENCIES
  nokogiri

BUNDLED WITH
   2.2.16
