GEM
  remote: https://rubygems.org/
  specs:
    nokogiri (1.11.4-arm64-darwin)
      racc (~> 1.4)
    nokogiri (1.11.4-x86_64-darwin)
      racc (~> 1.4)
    nokogiri (1.11.4-x86_64-linux)
      racc (~> 1.4)
    racc (1.5.2)

PLATFORMS
  universal-darwin-18
  x86_64-linux

DEPENDENCIES
  nokogiri

BUNDLED WITH
   2.2.16
