GEM
  remote: https://rubygems.org/
  specs:
    nokogiri (1.12.5-arm64-darwin)
      racc (~> 1.4)
    nokogiri (1.12.5-x86_64-darwin)
      racc (~> 1.4)
    nokogiri (1.12.5-x86_64-linux)
      racc (~> 1.4)
    racc (1.6.0)

PLATFORMS
  universal-darwin-18
  universal-darwin-20
  x86_64-linux

DEPENDENCIES
  nokogiri

BUNDLED WITH
   2.2.16
